GEM
  remote: http://insecure.rails-assets.org/
  specs:
    rails-assets-bootstrap (3.4.1)
      rails-assets-jquery (>= 1.9.1, < 4)
    rails-assets-ekko-lightbox (4.0.1)
      rails-assets-bootstrap (>= 3.0.0)
    rails-assets-jquery (3.6.0)

GEM
  remote: https://rubygems.org/
  specs:
    actioncable (6.0.4.1)
      actionpack (= 6.0.4.1)
      nio4r (~> 2.0)
      websocket-driver (>= 0.6.1)
    actionmailbox (6.0.4.1)
      actionpack (= 6.0.4.1)
      activejob (= 6.0.4.1)
      activerecord (= 6.0.4.1)
      activestorage (= 6.0.4.1)
      activesupport (= 6.0.4.1)
      mail (>= 2.7.1)
    actionmailer (6.0.4.1)
      actionpack (= 6.0.4.1)
      actionview (= 6.0.4.1)
      activejob (= 6.0.4.1)
      mail (~> 2.5, >= 2.5.4)
      rails-dom-testing (~> 2.0)
    actionpack (6.0.4.1)
      actionview (= 6.0.4.1)
      activesupport (= 6.0.4.1)
      rack (~> 2.0, >= 2.0.8)
      rack-test (>= 0.6.3)
      rails-dom-testing (~> 2.0)
      rails-html-sanitizer (~> 1.0, >= 1.2.0)
    actiontext (6.0.4.1)
      actionpack (= 6.0.4.1)
      activerecord (= 6.0.4.1)
      activestorage (= 6.0.4.1)
      activesupport (= 6.0.4.1)
      nokogiri (>= 1.8.5)
    actionview (6.0.4.1)
      activesupport (= 6.0.4.1)
      builder (~> 3.1)
      erubi (~> 1.4)
      rails-dom-testing (~> 2.0)
      rails-html-sanitizer (~> 1.1, >= 1.2.0)
    active_interaction (4.0.6)
      activemodel (>= 5, < 7)
      activesupport (>= 5, < 7)
    activejob (6.0.4.1)
      activesupport (= 6.0.4.1)
      globalid (>= 0.3.6)
    activemodel (6.0.4.1)
      activesupport (= 6.0.4.1)
    activerecord (6.0.4.1)
      activemodel (= 6.0.4.1)
      activesupport (= 6.0.4.1)
    activestorage (6.0.4.1)
      actionpack (= 6.0.4.1)
      activejob (= 6.0.4.1)
      activerecord (= 6.0.4.1)
      marcel (~> 1.0.0)
    activesupport (6.0.4.1)
      concurrent-ruby (~> 1.0, >= 1.0.2)
      i18n (>= 0.7, < 2)
      minitest (~> 5.1)
      tzinfo (~> 1.1)
      zeitwerk (~> 2.2, >= 2.2.2)
    acts-as-taggable-on (6.5.0)
      activerecord (>= 5.0, < 6.1)
    acts_as_list (1.0.4)
      activerecord (>= 4.2)
    addressable (2.8.0)
      public_suffix (>= 2.0.2, < 5.0)
    auto_html (1.6.4)
      redcarpet (~> 3.1)
      rinku (~> 1.5.0)
    autoprefixer-rails (10.3.3.0)
      execjs (~> 2)
    bcrypt (3.1.16)
    better_errors (2.9.1)
      coderay (>= 1.0.0)
      erubi (>= 1.0.0)
      rack (>= 0.9.0)
    bh (1.3.6)
      actionpack
      activesupport
    binding_of_caller (1.0.0)
      debug_inspector (>= 0.0.1)
    bootsnap (1.9.3)
      msgpack (~> 1.0)
    bootstrap-sass (3.4.1)
      autoprefixer-rails (>= 5.2.1)
      sassc (>= 2.0.0)
    builder (3.2.4)
    byebug (11.1.3)
    carrierwave (2.2.2)
      activemodel (>= 5.0.0)
      activesupport (>= 5.0.0)
      addressable (~> 2.6)
      image_processing (~> 1.1)
      marcel (~> 1.0.0)
      mini_mime (>= 0.1.3)
      ssrf_filter (~> 1.0)
    cells (3.11.3)
      actionpack (>= 3.0)
      railties (>= 3.0)
      uber (~> 0.0.8)
    cells-collection (0.0.2)
      cells (~> 3.9)
    ckeditor (5.1.1)
      orm_adapter (~> 0.5.0)
    coderay (1.1.3)
    coffee-rails (4.2.2)
      coffee-script (>= 2.2.0)
      railties (>= 4.0.0)
    coffee-script (2.4.1)
      coffee-script-source
      execjs
    coffee-script-source (1.12.2)
    concurrent-ruby (1.1.9)
    crass (1.0.6)
    debug_inspector (1.1.0)
    devise (4.8.0)
      bcrypt (~> 3.0)
      orm_adapter (~> 0.1)
      railties (>= 4.1.0)
      responders
      warden (~> 1.2.3)
    devise_invitable (2.0.5)
      actionmailer (>= 5.0)
      devise (>= 4.6)
    erubi (1.10.0)
    execjs (2.8.1)
    faraday (1.8.0)
      faraday-em_http (~> 1.0)
      faraday-em_synchrony (~> 1.0)
      faraday-excon (~> 1.1)
      faraday-httpclient (~> 1.0.1)
      faraday-net_http (~> 1.0)
      faraday-net_http_persistent (~> 1.1)
      faraday-patron (~> 1.0)
      faraday-rack (~> 1.0)
      multipart-post (>= 1.2, < 3)
      ruby2_keywords (>= 0.0.4)
    faraday-em_http (1.0.0)
    faraday-em_synchrony (1.0.0)
    faraday-excon (1.1.0)
    faraday-httpclient (1.0.1)
    faraday-net_http (1.0.1)
    faraday-net_http_persistent (1.2.0)
    faraday-patron (1.0.0)
    faraday-rack (1.0.0)
    faraday_middleware (1.2.0)
      faraday (~> 1.0)
    ffi (1.15.4)
    flickr-objects (0.6.3)
      faraday (>= 0.7.6)
      faraday_middleware (>= 0.8)
      multi_xml (~> 0.4)
      simple_oauth (~> 0.3.1)
    globalid (1.0.0)
      activesupport (>= 5.0)
    high_voltage (3.1.2)
    i18n (1.8.11)
      concurrent-ruby (~> 1.0)
    image_processing (1.12.1)
      mini_magick (>= 4.9.5, < 5)
      ruby-vips (>= 2.0.17, < 3)
    jquery-rails (4.4.0)
      rails-dom-testing (>= 1, < 3)
      railties (>= 4.2.0)
      thor (>= 0.14, < 2.0)
    json (2.6.1)
    kaminari (1.2.1)
      activesupport (>= 4.1.0)
      kaminari-actionview (= 1.2.1)
      kaminari-activerecord (= 1.2.1)
      kaminari-core (= 1.2.1)
    kaminari-actionview (1.2.1)
      actionview
      kaminari-core (= 1.2.1)
    kaminari-activerecord (1.2.1)
      activerecord
      kaminari-core (= 1.2.1)
    kaminari-core (1.2.1)
    listen (3.7.0)
      rb-fsevent (~> 0.10, >= 0.10.3)
      rb-inotify (~> 0.9, >= 0.9.10)
    loofah (2.3.1)
      crass (~> 1.0.2)
      nokogiri (>= 1.5.9)
    lulalala_presenter (0.1.0)
    mail (2.7.1)
      mini_mime (>= 0.1.1)
    marcel (1.0.2)
    method_source (1.0.0)
    migration_comments (0.4.1)
      activerecord (>= 4.2.0)
    mini_magick (4.11.0)
    mini_mime (1.1.2)
    mini_portile2 (2.5.3)
    minitest (5.14.4)
    msgpack (1.4.2)
    multi_xml (0.6.0)
    multipart-post (2.1.1)
    nilify_blanks (1.2.1)
      activerecord (>= 3.0.0)
      activesupport (>= 3.0.0)
    nio4r (2.5.8)
    nokogiri (1.11.7)
      mini_portile2 (~> 2.5.0)
      racc (~> 1.4)
    orm_adapter (0.5.0)
    pg (0.18.4)
    public_suffix (4.0.6)
    puma (4.3.12)
      nio4r (~> 2.0)
    racc (1.6.0)
    rack (2.2.6.2)
    rack-test (1.1.0)
      rack (>= 1.0, < 3)
    rails (6.0.4.1)
      actioncable (= 6.0.4.1)
      actionmailbox (= 6.0.4.1)
      actionmailer (= 6.0.4.1)
      actionpack (= 6.0.4.1)
      actiontext (= 6.0.4.1)
      actionview (= 6.0.4.1)
      activejob (= 6.0.4.1)
      activemodel (= 6.0.4.1)
      activerecord (= 6.0.4.1)
      activestorage (= 6.0.4.1)
      activesupport (= 6.0.4.1)
      bundler (>= 1.3.0)
      railties (= 6.0.4.1)
      sprockets-rails (>= 2.0.0)
    rails-dom-testing (2.0.3)
      activesupport (>= 4.2.0)
      nokogiri (>= 1.6)
    rails-html-sanitizer (1.4.2)
      loofah (~> 2.3)
    rails_layout (1.0.42)
    railties (6.0.4.1)
      actionpack (= 6.0.4.1)
      activesupport (= 6.0.4.1)
      method_source
      rake (>= 0.8.7)
      thor (>= 0.20.3, < 2.0)
    rake (12.3.3)
    rb-fsevent (0.11.0)
    rb-inotify (0.10.1)
      ffi (~> 1.0)
    rb-readline (0.5.5)
    recaptcha (5.8.1)
      json
    redcarpet (3.5.1)
    responders (3.0.1)
      actionpack (>= 5.0)
      railties (>= 5.0)
    rinku (1.5.1)
    ruby-vips (2.1.4)
      ffi (~> 1.12)
    ruby2_keywords (0.0.5)
    sass (3.7.4)
      sass-listen (~> 4.0.0)
    sass-listen (4.0.0)
      rb-fsevent (~> 0.9, >= 0.9.4)
      rb-inotify (~> 0.9, >= 0.9.7)
    sass-rails (5.1.0)
      railties (>= 5.2.0)
      sass (~> 3.1)
      sprockets (>= 2.8, < 4.0)
      sprockets-rails (>= 2.0, < 4.0)
      tilt (>= 1.1, < 3)
    sassc (2.4.0)
      ffi (~> 1.9)
    settingslogic (2.0.9)
    simple_form (5.1.0)
      actionpack (>= 5.2)
      activemodel (>= 5.2)
    simple_oauth (0.3.1)
    spring (3.1.1)
    sprockets (3.7.2)
      concurrent-ruby (~> 1.0)
      rack (> 1, < 3)
    sprockets-rails (3.4.1)
      actionpack (>= 5.2)
      activesupport (>= 5.2)
      sprockets (>= 3.0.0)
    ssrf_filter (1.0.7)
    thor (1.1.0)
    thread_safe (0.3.6)
    tilt (2.0.10)
    turbolinks (5.2.1)
      turbolinks-source (~> 5.2)
    turbolinks-source (5.2.0)
    tzinfo (1.2.9)
      thread_safe (~> 0.1)
    uber (0.0.15)
    uglifier (4.2.0)
      execjs (>= 0.3.0, < 3)
    warden (1.2.9)
      rack (>= 2.0.9)
    web-console (2.3.0)
      activemodel (>= 4.0)
      binding_of_caller (>= 0.7.2)
      railties (>= 4.0)
      sprockets-rails (>= 2.0, < 4.0)
    websocket-driver (0.7.5)
      websocket-extensions (>= 0.1.0)
    websocket-extensions (0.1.5)
    zeitwerk (2.5.1)

PLATFORMS
  ruby

DEPENDENCIES
  active_interaction
  acts-as-taggable-on (~> 6.0)
  acts_as_list
  auto_html (~> 1.6.4)
  better_errors
  bh (~> 1.3.5)
  bootsnap
  bootstrap-sass
  byebug
  carrierwave (~> 2.2.1)
  cells (~> 3.11.3)
  cells-collection (~> 0.0.2)
  ckeditor (~> 5.1)
  coffee-rails (~> 4.2.2)
  devise
  devise_invitable
  flickr-objects (~> 0.6.2)
  high_voltage
  jquery-rails
  kaminari
  listen
  loofah (~> 2.3.1)
  lulalala_presenter
  migration_comments (~> 0.3)
  mini_magick
  nilify_blanks (~> 1.2.1)
  nokogiri (~> 1.11.0)
  pg (~> 0.18.4)
  puma (~> 4)
  rails (~> 6.0)
  rails-assets-bootstrap (< 4.0)!
  rails-assets-ekko-lightbox (= 4.0.1)!
  rails_layout
  rake (~> 12.3.3)
  rb-readline
  recaptcha
  sass-rails (~> 5.0)
  settingslogic (~> 2.0)
  simple_form
  spring
  turbolinks
  uglifier (>= 1.3.0)
  web-console (~> 2.0)

RUBY VERSION
   ruby 2.7.5p203

BUNDLED WITH
   2.2.32
